PATH
  remote: .
  specs:
    jammit (0.6.7)
      cssmin (>= 1.0.3)
      jsmin (>= 1.0.1)

GEM
  remote: http://rubygems.org/
  specs:
    RedCloth (4.2.9)
    actionmailer (2.3.14)
      actionpack (= 2.3.14)
    actionpack (2.3.14)
      activesupport (= 2.3.14)
      rack (~> 1.1.0)
    activerecord (2.3.14)
      activesupport (= 2.3.14)
    activeresource (2.3.14)
      activesupport (= 2.3.14)
    activesupport (2.3.14)
    awesome_print (1.2.0)
    closure-compiler (1.1.10)
    colorize (0.6.0)
    cssmin (1.0.3)
    execjs (2.0.2)
    jsmin (1.0.1)
    json (1.8.1)
    rack (1.1.6)
    rails (2.3.14)
      actionmailer (= 2.3.14)
      actionpack (= 2.3.14)
      activerecord (= 2.3.14)
      activeresource (= 2.3.14)
      activesupport (= 2.3.14)
      rake (>= 0.8.3)
    rake (0.9.2.2)
    redgreen (1.2.2)
    sass (3.2.14)
    uglifier (2.4.0)
      execjs (>= 0.3.0)
      json (>= 1.8.0)
    yui-compressor (0.12.0)

PLATFORMS
  ruby

DEPENDENCIES
  RedCloth
  awesome_print
  closure-compiler
  colorize
  cssmin
  jammit!
  jsmin
  rails (= 2.3.14)
  rake (= 0.9.2.2)
  redgreen
  sass
  uglifier
  yui-compressor
